GEM
  remote: https://rubygems.org/
  specs:
    pg (1.5.4)

PLATFORMS
  x86_64-linux

DEPENDENCIES
  pg (~> 1.5, >= 1.5.4)

BUNDLED WITH
   2.3.5
